GEM
  remote: https://rubygems.org/
  specs:
    git (1.2.5)
    minitar (0.5.3)

PLATFORMS
  ruby

DEPENDENCIES
  git
  minitar
